GEM
  remote: http://rubygems.org/
  specs:
    abstract (1.0.0)
    actionmailer (3.2.15)
      actionpack (>= 5.2.7.1)
      mail (>= 2.5.5)
    actionpack (5.2.7.1)
      activemodel (= 3.0.7)
      activesupport (>= 4.1.11)
      builder (~> 2.1.2)
      erubis (~> 2.6.6)
      i18n (>= 0.8.0)
      rack (>= 2.1.4.1)
      rack-mount (~> 0.6.14)
      rack-test (~> 0.5.7)
      tzinfo (~> 0.3.23)
    activemodel (3.0.7)
      activesupport (>= 4.1.11)
      builder (~> 2.1.2)
      i18n (>= 0.8.0)
    activerecord (5.2.8.1)
      activemodel (= 3.0.7)
      activesupport (>= 4.1.11)
      arel (~> 2.0.2)
      tzinfo (~> 0.3.23)
    activeresource (5.1.1)
      activemodel (= 3.0.7)
      activesupport (>= 4.1.11)
    activesupport (>= 4.1.11)
    arel (2.0.10)
    builder (2.1.2)
    erubis (2.6.6)
      abstract (>= 1.0.0)
    i18n (0.8.0)
    mail (2.5.5)
      activesupport (>= 4.1.11)
      i18n (>= 0.8.0)
      mime-types (~> 1.16)
      treetop (~> 1.4.8)
    mime-types (1.16)
    polyglot (0.3.1)
    rack (2.1.4.1)
    rack-mount (0.6.14)
      rack (>= 2.1.4.1)
    rack-test (0.5.7)
      rack (>= 2.1.4.1)
    rails (3.2.22.1)
      actionmailer (= 3.0.7)
      actionpack (>= 5.2.7.1)
      activerecord (>= 5.2.8.1)
      activeresource (>= 5.1.1)
      activesupport (>= 4.1.11)
      bundler (~> 1.0)
      railties (= 3.0.7)
    railties (3.0.7)
      actionpack (>= 5.2.7.1)
      activesupport (>= 4.1.11)
      rake (>= 0.8.7)
      thor (~> 0.14.4)
    rake (13.0.6)
    sqlite3 (1.3.3)
    sqlite3 (1.3.3-x86-mingw32)
    thor (0.14.6)
    treetop (1.4.9)
      polyglot (>= 0.3.1)
    tzinfo (0.3.61)

PLATFORMS
  ruby
  x86-mingw32

DEPENDENCIES
  rails (>= 3.2.22.1)
  sqlite3
